GEM
  remote: https://rubygems.org/
  specs:
    chronic (0.10.2)
    colorize (0.8.1)
    table_print (1.5.6)

PLATFORMS
  ruby

DEPENDENCIES
  chronic (~> 0.10.2)
  colorize (~> 0.8.1)
  table_print (~> 1.5, >= 1.5.6)

BUNDLED WITH
   1.11.2
